SPECIFIC-VERSION: FALSE
RESTRICTION: || (== net40) (== net45) (== net462)
NUGET
  remote: https://www.nuget.org/api/v2
    7-Zip.CommandLine (9.20)
    ControlzEx (3.0.1.66)
    gitlink (2.4)
    MahApps.Metro (1.5)
    NuGet.CommandLine (4.1)
    NUnit (3.7.1)
    NUnit.Console (3.7)
      NUnit.ConsoleRunner (>= 3.7)
      NUnit.Extension.NUnitProjectLoader (>= 3.5)
      NUnit.Extension.NUnitV2Driver (>= 3.6)
      NUnit.Extension.NUnitV2ResultWriter (>= 3.5)
      NUnit.Extension.TeamCityEventListener (>= 1.0.2)
      NUnit.Extension.VSProjectLoader (>= 3.5)
    NUnit.ConsoleRunner (3.7)
    NUnit.Extension.NUnitProjectLoader (3.6)
    NUnit.Extension.NUnitV2Driver (3.7)
    NUnit.Extension.NUnitV2ResultWriter (3.6)
    NUnit.Extension.TeamCityEventListener (1.0.2)
    NUnit.Extension.VSProjectLoader (3.6)
    StyleCop.Analyzers (1.0.2)
    XamlColorSchemeGenerator (1.0.1)
